GEM
  remote: http://rubygems.org/
  specs:
    activesupport (3.1.3)
      multi_json (~> 1.0)
    addressable (2.2.6)
    faraday (0.7.5)
      addressable (~> 2.2.6)
      multipart-post (~> 1.1.3)
      rack (>= 1.1.0, < 2)
    haml (3.1.4)
    multi_json (1.0.4)
    multipart-post (1.1.4)
    rack (1.4.0)
    rack-protection (1.2.0)
      rack
    simple_oauth (0.1.5)
    sinatra (1.3.2)
      rack (~> 1.3, >= 1.3.6)
      rack-protection (~> 1.2)
      tilt (~> 1.3, >= 1.3.3)
    tilt (1.3.3)
    twitter (2.0.2)
      activesupport (>= 2.3.9, < 4)
      faraday (~> 0.7)
      multi_json (~> 1.0)
      simple_oauth (~> 0.1)

PLATFORMS
  ruby

DEPENDENCIES
  haml
  sinatra
  twitter
